GEM
  remote: https://rubygems.org/
  specs:
    faraday (0.15.4)
      multipart-post (>= 1.2, < 3)
    faraday_middleware (0.13.1)
      faraday (>= 0.7.4, < 1.0)
    multipart-post (2.1.1)
    parslet (1.8.2)
    rugged (0.28.2)
    toml (0.2.0)
      parslet (~> 1.8.0)

PLATFORMS
  ruby

DEPENDENCIES
  faraday
  faraday_middleware
  rugged
  toml (~> 0.2.0)

BUNDLED WITH
   1.17.2
